GIT
  remote: git@github.com:eskimosoup/chronicler.git
  revision: 3182b1e017f74c6ef733991cfe7232b6b5a1d69a
  branch: rails_3
  specs:
    chronicler (0.3.7)
      carrierwave
      mini_magick
      rails

GIT
  remote: git@github.com:eskimosoup/informant.git
  revision: 81b3e33e2e40da35acaa5a087d6cd0b217769ac9
  branch: rails_3
  specs:
    informant (0.1.4)
      rails

GIT
  remote: git@github.com:eskimosoup/manticore.git
  revision: 5ca719b6617af596040cde9a166e3f3b94ae23b2
  branch: rails_3
  specs:
    manticore (0.2.2)
      cancancan
      chronicler
      coffee-rails
      informant
      jquery-rails
      jquery-ui-rails
      json
      kaminari
      mysql2
      rails
      sass-rails
      therubyracer
      tinymce-rails
      uglifier
      willow

GIT
  remote: git@github.com:eskimosoup/optimadmin_generators.git
  revision: b31117362386dbfc7396184953604b6f02dc50a2
  branch: manticore
  specs:
    optimadmin_generators (2.1.2)
      htmlbeautifier
      rubocop

GIT
  remote: git@github.com:eskimosoup/willow.git
  revision: 4adee5e3d54b5350dd695cd54477010ad5151419
  branch: rails_3
  specs:
    willow (1.0.0)
      ancestry
      rails

GEM
  remote: http://rubygems.org/
  specs:
    actionmailer (3.2.22.5)
      actionpack (= 3.2.22.5)
      mail (~> 2.5.4)
    actionpack (3.2.22.5)
      activemodel (= 3.2.22.5)
      activesupport (= 3.2.22.5)
      builder (~> 3.0.0)
      erubis (~> 2.7.0)
      journey (~> 1.0.4)
      rack (~> 1.4.5)
      rack-cache (~> 1.2)
      rack-test (~> 0.6.1)
      sprockets (~> 2.2.1)
    activemodel (3.2.22.5)
      activesupport (= 3.2.22.5)
      builder (~> 3.0.0)
    activerecord (3.2.22.5)
      activemodel (= 3.2.22.5)
      activesupport (= 3.2.22.5)
      arel (~> 3.0.2)
      tzinfo (~> 0.3.29)
    activeresource (3.2.22.5)
      activemodel (= 3.2.22.5)
      activesupport (= 3.2.22.5)
    activesupport (3.2.22.5)
      i18n (~> 0.6, >= 0.6.4)
      multi_json (~> 1.0)
    acts-as-taggable-on (3.5.0)
      activerecord (>= 3.2, < 5)
    airbrussh (1.4.0)
      sshkit (>= 1.6.1, != 1.7.0)
    ancestry (2.0.0)
      activerecord (>= 3.0.0)
    arel (3.0.3)
    ast (2.4.0)
    bcrypt-ruby (3.0.1)
    builder (3.0.4)
    cancancan (1.12.0)
    capistrano (3.14.0)
      airbrussh (>= 1.0.0)
      i18n
      rake (>= 10.0.0)
      sshkit (>= 1.9.0)
    capistrano-bundler (1.6.0)
      capistrano (~> 3.1)
    capistrano-passenger (0.2.0)
      capistrano (~> 3.0)
    capistrano-rails (1.5.0)
      capistrano (~> 3.1)
      capistrano-bundler (~> 1.1)
    capistrano-rbenv (2.1.6)
      capistrano (~> 3.1)
      sshkit (~> 1.3)
    carrierwave (0.11.2)
      activemodel (>= 3.2.0)
      activesupport (>= 3.2.0)
      json (>= 1.7)
      mime-types (>= 1.16)
      mimemagic (>= 0.3.0)
    coffee-rails (3.2.2)
      coffee-script (>= 2.2.0)
      railties (~> 3.2.0)
    coffee-script (2.4.1)
      coffee-script-source
      execjs
    coffee-script-source (1.12.2)
    erubis (2.7.0)
    execjs (2.0.2)
    faraday (0.9.2)
      multipart-post (>= 1.2, < 3)
    fastercsv (1.5.5)
    ffi (1.9.23)
    friendly_id (4.0.10.1)
      activerecord (>= 3.0, < 4.0)
    hike (1.2.3)
    htmlbeautifier (1.3.1)
    httparty (0.11.0)
      multi_json (~> 1.0)
      multi_xml (>= 0.5.2)
    i18n (0.6.11)
    jaro_winkler (1.5.4)
    journey (1.0.4)
    jquery-fileupload-rails (0.4.1)
      actionpack (>= 3.1)
      railties (>= 3.1)
    jquery-rails (3.1.4)
      railties (>= 3.0, < 5.0)
      thor (>= 0.14, < 2.0)
    jquery-ui-rails (6.0.1)
      railties (>= 3.2.16)
    json (1.8.6)
    kaminari (0.17.0)
      actionpack (>= 3.0.0)
      activesupport (>= 3.0.0)
    libv8 (3.16.14.3)
    mail (2.5.5)
      mime-types (~> 1.16)
      treetop (~> 1.4.8)
    mime-types (1.25.1)
    mimemagic (0.3.2)
    mini_magick (3.8.1)
      subexec (~> 0.2.1)
    multi_json (1.13.1)
    multi_xml (0.6.0)
    multipart-post (2.0.0)
    mysql2 (0.3.20)
    net-scp (3.0.0)
      net-ssh (>= 2.6.5, < 7.0.0)
    net-ssh (6.0.2)
    parallel (1.19.1)
    parser (2.7.1.3)
      ast (~> 2.4.0)
    polyglot (0.3.5)
    power_assert (1.2.0)
    rack (1.4.7)
    rack-cache (1.7.1)
      rack (>= 0.4)
    rack-ssl (1.3.4)
      rack
    rack-test (0.6.3)
      rack (>= 1.0)
    rails (3.2.22.5)
      actionmailer (= 3.2.22.5)
      actionpack (= 3.2.22.5)
      activerecord (= 3.2.22.5)
      activeresource (= 3.2.22.5)
      activesupport (= 3.2.22.5)
      bundler (~> 1.0)
      railties (= 3.2.22.5)
    railties (3.2.22.5)
      actionpack (= 3.2.22.5)
      activesupport (= 3.2.22.5)
      rack-ssl (~> 1.3.2)
      rake (>= 0.8.7)
      rdoc (~> 3.4)
      thor (>= 0.14.6, < 2.0)
    rainbow (3.0.0)
    rake (12.3.0)
    rb-fsevent (0.10.2)
    rb-inotify (0.9.10)
      ffi (>= 0.5.0, < 2)
    rdoc (3.12.2)
      json (~> 1.4)
    ref (2.0.0)
    rexml (3.2.4)
    rubocop (0.81.0)
      jaro_winkler (~> 1.5.1)
      parallel (~> 1.10)
      parser (>= 2.7.0.1)
      rainbow (>= 2.2.2, < 4.0)
      rexml
      ruby-progressbar (~> 1.7)
      unicode-display_width (>= 1.4.0, < 2.0)
    ruby-progressbar (1.10.1)
    sass (3.5.5)
      sass-listen (~> 4.0.0)
    sass-listen (4.0.0)
      rb-fsevent (~> 0.9, >= 0.9.4)
      rb-inotify (~> 0.9, >= 0.9.7)
    sass-rails (3.2.6)
      railties (~> 3.2.0)
      sass (>= 3.1.10)
      tilt (~> 1.3)
    seed_dump (3.1.0)
      activerecord
      activesupport
    simple_oauth (0.3.1)
    sprockets (2.2.3)
      hike (~> 1.2)
      multi_json (~> 1.0)
      rack (~> 1.0)
      tilt (~> 1.1, != 1.3.0)
    sshkit (1.21.0)
      net-scp (>= 1.1.2)
      net-ssh (>= 2.8.0)
    subexec (0.2.3)
    test-unit (3.3.5)
      power_assert
    therubyracer (0.12.2)
      libv8 (~> 3.16.14.0)
      ref
    thor (0.20.0)
    tilt (1.4.1)
    tinymce-rails (4.7.7)
      railties (>= 3.1.1)
    treetop (1.4.15)
      polyglot
      polyglot (>= 0.3.1)
    twitter (4.8.1)
      faraday (~> 0.8, < 0.10)
      multi_json (~> 1.0)
      simple_oauth (~> 0.2)
    tzinfo (0.3.53)
    uglifier (4.1.6)
      execjs (>= 0.3.0, < 3)
    unicode-display_width (1.7.0)
    xml-simple (1.1.2)

PLATFORMS
  ruby

DEPENDENCIES
  acts-as-taggable-on
  ancestry (= 2.0.0)
  bcrypt-ruby (~> 3.0.0)
  cancancan (= 1.12.0)
  capistrano
  capistrano-passenger
  capistrano-rails
  capistrano-rbenv
  chronicler!
  execjs (= 2.0.2)
  fastercsv (~> 1.5.5)
  friendly_id (~> 4.0.10.0)
  httparty (= 0.11.0)
  i18n (= 0.6.11)
  informant!
  jquery-fileupload-rails (= 0.4.1)
  jquery-rails (= 3.1.4)
  jquery-ui-rails (= 6.0.1)
  json
  libv8 (= 3.16.14.3)
  manticore!
  mini_magick (= 3.8.1)
  mysql2 (= 0.3.20)
  optimadmin_generators!
  rails (= 3.2.22.5)
  sass-rails (~> 3.2.3)
  seed_dump
  test-unit
  twitter (= 4.8.1)
  uglifier (>= 1.0.3)
  willow!
  xml-simple (= 1.1.2)

BUNDLED WITH
   1.17.3
